GEM
  remote: https://rubygems.org/
  specs:
    mail (2.6.4)
      mime-types (>= 1.16, < 4)
    mime-types (3.0)
      mime-types-data (~> 3.2015)
    mime-types-data (3.2016.0221)
    open_uri_redirections (0.2.1)

PLATFORMS
  ruby

DEPENDENCIES
  mail
  open_uri_redirections

BUNDLED WITH
   1.11.2
