GEM
  remote: https://rubygems.org/
  specs:
    mail (2.7.1)
      mini_mime (>= 0.1.1)
    mini_mime (1.0.2)
    open_uri_redirections (0.2.1)

PLATFORMS
  ruby

DEPENDENCIES
  mail
  open_uri_redirections

RUBY VERSION
   ruby 2.5.0p0

BUNDLED WITH
   1.16.3
